GEM
  remote: https://rubygems.org/
  specs:
    ffi (1.15.5-x64-mingw32)
    listen (3.7.1)
      rb-fsevent (~> 0.10, >= 0.10.3)
      rb-inotify (~> 0.9, >= 0.9.10)
    mustermann (3.0.0)
      ruby2_keywords (~> 0.0.1)
    rack (2.2.4)
    rack-protection (3.0.3)
      rack
    rb-fsevent (0.11.2)
    rb-inotify (0.10.1)
      ffi (~> 1.0)
    rerun (0.13.1)
      listen (~> 3.0)
    ruby2_keywords (0.0.5)
    sinatra (3.0.3)
      mustermann (~> 3.0)
      rack (~> 2.2, >= 2.2.4)
      rack-protection (= 3.0.3)
      tilt (~> 2.0)
    tilt (2.0.11)

PLATFORMS
  x64-mingw32

DEPENDENCIES
  rerun
  sinatra (>= 2.0.1)

RUBY VERSION
   ruby 2.7.6p219

BUNDLED WITH
   2.3.26
